PATH
  remote: .
  specs:
    s3io (1.1.5)

GEM
  remote: https://rubygems.org/
  specs:
    aws-sdk (2.1.26)
      aws-sdk-resources (= 2.1.26)
    aws-sdk-core (2.1.26)
      jmespath (~> 1.0)
    aws-sdk-resources (2.1.26)
      aws-sdk-core (= 2.1.26)
    jmespath (1.1.3)
    power_assert (1.0.1)
    rake (12.0.0)
    test-unit (3.2.3)
      power_assert

PLATFORMS
  ruby

DEPENDENCIES
  aws-sdk (~> 2)
  rake
  s3io!
  test-unit

BUNDLED WITH
   1.12.5
